GEM
  remote: https://rubygems.org/
  specs:
    activesupport (5.1.5)
      concurrent-ruby (~> 1.0, >= 1.0.2)
      i18n (~> 0.7)
      minitest (~> 5.1)
      tzinfo (~> 1.1)
    aws-partitions (1.67.0)
    aws-sdk-core (3.16.0)
      aws-partitions (~> 1.0)
      aws-sigv4 (~> 1.0)
      jmespath (~> 1.0)
    aws-sdk-kms (1.5.0)
      aws-sdk-core (~> 3)
      aws-sigv4 (~> 1.0)
    aws-sdk-polly (1.4.0)
      aws-sdk-core (~> 3)
      aws-sigv4 (~> 1.0)
    aws-sdk-s3 (1.8.2)
      aws-sdk-core (~> 3)
      aws-sdk-kms (~> 1)
      aws-sigv4 (~> 1.0)
    aws-sigv4 (1.0.2)
    concurrent-ruby (1.0.5)
    dotenv (2.2.1)
    faraday (0.14.0)
      multipart-post (>= 1.2, < 3)
    i18n (0.9.5)
      concurrent-ruby (~> 1.0)
    jmespath (1.3.1)
    mini_portile2 (2.3.0)
    minitest (5.11.3)
    multipart-post (2.0.0)
    nokogiri (1.8.2)
      mini_portile2 (~> 2.3.0)
    thread_safe (0.3.6)
    tzinfo (1.2.5)
      thread_safe (~> 0.1)

PLATFORMS
  ruby

DEPENDENCIES
  activesupport
  aws-sdk-polly
  aws-sdk-s3
  dotenv
  faraday
  nokogiri

BUNDLED WITH
   1.16.1
